GEM
  remote: https://rubygems.org/
  specs:
    minitest (5.8.4)

PLATFORMS
  x86-mingw32

DEPENDENCIES
  minitest

BUNDLED WITH
   1.11.2
